GIT
  remote: https://github.com/datamapper/dm-active_model.git
  revision: c3b6ee07d40b8e2b4dbd60166a707da45beaefb4
  branch: release-1.2
  specs:
    dm-active_model (1.2.1)
      activemodel (>= 3.0, < 5.0)
      dm-active_model
      dm-core (~> 1.2, >= 1.2.0)

GIT
  remote: https://github.com/datamapper/dm-aggregates.git
  revision: 278042a49310baf42f18fac85a574e7c88923669
  branch: release-1.2
  specs:
    dm-aggregates (1.2.0)
      dm-core (~> 1.2.0)

GIT
  remote: https://github.com/datamapper/dm-constraints.git
  revision: 754f0b45d4eaafd5a9f7a2014d88a2b5c97e4dcb
  branch: release-1.2
  specs:
    dm-constraints (1.2.0)
      dm-core (~> 1.2.0)

GIT
  remote: https://github.com/datamapper/dm-core.git
  revision: 03a6425d1616027dd8371ca4f5714c333ba7e789
  branch: release-1.2
  specs:
    dm-core (1.2.1)
      addressable (~> 2.3, >= 2.3.5)

GIT
  remote: https://github.com/datamapper/dm-do-adapter.git
  revision: 1309550a6bdf62b6a02e246bca3ed729db2142c0
  branch: release-1.2
  specs:
    dm-do-adapter (1.2.1)
      data_objects (~> 0.10.6)
      dm-core (~> 1.2.0)

GIT
  remote: https://github.com/datamapper/dm-migrations.git
  revision: 28bb3b0c3005773ad09e9ee82cf8d45f93a9ec48
  branch: release-1.2
  specs:
    dm-migrations (1.2.0)
      dm-core (~> 1.2.0)

GIT
  remote: https://github.com/datamapper/dm-postgres-adapter.git
  revision: 9a6748980396f1f8a3c89bda92af38e952e00270
  branch: release-1.2
  specs:
    dm-postgres-adapter (1.2.0)
      dm-do-adapter (~> 1.2.0)
      do_postgres (~> 0.10.6)

GIT
  remote: https://github.com/datamapper/dm-rails.git
  revision: 30e992275262245b24a71cf09dc57fa3b723eb85
  branch: release-1.2
  specs:
    dm-rails (1.2.1)
      actionpack (>= 3.0, < 5.0)
      dm-active_model (~> 1.2.0)
      dm-core (~> 1.2.0)
      railties (>= 3.0, < 5.0)

GIT
  remote: https://github.com/datamapper/dm-timestamps.git
  revision: 1d3e199632c8e97a964f843786a7039e3398f135
  branch: release-1.2
  specs:
    dm-timestamps (1.2.0)
      dm-core (~> 1.2.0)

GIT
  remote: https://github.com/datamapper/dm-transactions.git
  revision: a400e7ffdca0a358b44698259584bb5c29f9f1b8
  branch: release-1.2
  specs:
    dm-transactions (1.2.0)
      dm-core (~> 1.2.0)

GIT
  remote: https://github.com/datamapper/dm-validations.git
  revision: b6542e79bb2ea022241ee8cf1e861153824ffda4
  branch: release-1.2
  specs:
    dm-validations (1.2.0)
      dm-core (~> 1.2.0)

GEM
  remote: https://rubygems.org/
  remote: https://rails-assets.org/
  specs:
    actionmailer (4.2.0.beta4)
      actionpack (= 4.2.0.beta4)
      actionview (= 4.2.0.beta4)
      activejob (= 4.2.0.beta4)
      mail (~> 2.5, >= 2.5.4)
      rails-dom-testing (~> 1.0, >= 1.0.4)
    actionpack (4.2.0.beta4)
      actionview (= 4.2.0.beta4)
      activesupport (= 4.2.0.beta4)
      rack (~> 1.6.0.beta)
      rack-test (~> 0.6.2)
      rails-dom-testing (~> 1.0, >= 1.0.4)
      rails-html-sanitizer (~> 1.0, >= 1.0.1)
    actionview (4.2.0.beta4)
      activesupport (= 4.2.0.beta4)
      builder (~> 3.1)
      erubis (~> 2.7.0)
      rails-dom-testing (~> 1.0, >= 1.0.4)
      rails-html-sanitizer (~> 1.0, >= 1.0.1)
    activejob (4.2.0.beta4)
      activesupport (= 4.2.0.beta4)
      globalid (>= 0.3.0)
    activemodel (4.2.0.beta4)
      activesupport (= 4.2.0.beta4)
      builder (~> 3.1)
    activerecord (4.2.0.beta4)
      activemodel (= 4.2.0.beta4)
      activesupport (= 4.2.0.beta4)
      arel (>= 6.0.0.beta2, < 6.1)
    activesupport (4.2.0.beta4)
      i18n (>= 0.7.0.beta1, < 0.8)
      json (~> 1.7, >= 1.7.7)
      minitest (~> 5.1)
      thread_safe (~> 0.1)
      tzinfo (~> 1.1)
    addressable (2.3.6)
    arel (6.0.0.beta2)
    binding_of_caller (0.7.3.pre1)
      debug_inspector (>= 0.0.1)
    builder (3.2.2)
    byebug (3.5.1)
      columnize (~> 0.8)
      debugger-linecache (~> 1.2)
      slop (~> 3.6)
    celluloid (0.16.0)
      timers (~> 4.0.0)
    coderay (1.1.0)
    coffee-rails (4.1.0)
      coffee-script (>= 2.2.0)
      railties (>= 4.0.0, < 5.0)
    coffee-script (2.3.0)
      coffee-script-source
      execjs
    coffee-script-source (1.8.0)
    columnize (0.8.9)
    data_objects (0.10.14)
      addressable (~> 2.1)
    debug_inspector (0.0.2)
    debugger-linecache (1.2.0)
    diff-lcs (1.2.5)
    dm-paperclip (2.5.0)
      dm-core (>= 1.2.0)
      dm-migrations (>= 1.2.0)
      dm-validations (>= 1.2.0)
      extlib
    do_postgres (0.10.14)
      data_objects (= 0.10.14)
    elasticsearch (1.0.6)
      elasticsearch-api (= 1.0.6)
      elasticsearch-transport (= 1.0.6)
    elasticsearch-api (1.0.6)
      multi_json
    elasticsearch-model (0.1.6)
      activesupport (> 3)
      elasticsearch (> 0.4)
      hashie
    elasticsearch-rails (0.1.6)
    elasticsearch-transport (1.0.6)
      faraday
      multi_json
    erubis (2.7.0)
    execjs (2.2.2)
    extlib (0.9.16)
    faraday (0.9.0)
      multipart-post (>= 1.2, < 3)
    ffi (1.9.6)
    formatador (0.2.5)
    globalid (0.3.0)
      activesupport (>= 4.1.0)
    guard (2.8.2)
      formatador (>= 0.2.4)
      listen (~> 2.7)
      lumberjack (~> 1.0)
      pry (>= 0.9.12)
      thor (>= 0.18.1)
    guard-rspec (4.3.1)
      guard (~> 2.1)
      rspec (>= 2.14, < 4.0)
    hashie (3.3.1)
    hike (1.2.3)
    hitimes (1.2.2)
    i18n (0.7.0.beta1)
    jbuilder (2.2.4)
      activesupport (>= 3.0.0, < 5)
      multi_json (~> 1.2)
    jquery-rails (4.0.0.beta2)
      rails-dom-testing (~> 1.0)
      railties (>= 4.2.0.beta, < 5.0)
      thor (>= 0.14, < 2.0)
    json (1.8.1)
    kaminari (0.16.1)
      actionpack (>= 3.0.0)
      activesupport (>= 3.0.0)
    kaminari-bootstrap (3.0.1)
      kaminari (>= 0.13.0)
      rails
    listen (2.7.12)
      celluloid (>= 0.15.2)
      rb-fsevent (>= 0.9.3)
      rb-inotify (>= 0.9)
    loofah (2.0.1)
      nokogiri (>= 1.5.9)
    lumberjack (1.0.9)
    mail (2.6.3)
      mime-types (>= 1.16, < 3)
    method_source (0.8.2)
    mime-types (2.4.3)
    mini_portile (0.6.1)
    minitest (5.4.3)
    multi_json (1.10.1)
    multipart-post (2.0.0)
    nokogiri (1.6.4.1)
      mini_portile (~> 0.6.0)
    pg (0.17.1)
    pry (0.10.1)
      coderay (~> 1.1.0)
      method_source (~> 0.8.1)
      slop (~> 3.4)
    rack (1.6.0.beta)
    rack-test (0.6.2)
      rack (>= 1.0)
    rails (4.2.0.beta4)
      actionmailer (= 4.2.0.beta4)
      actionpack (= 4.2.0.beta4)
      actionview (= 4.2.0.beta4)
      activejob (= 4.2.0.beta4)
      activemodel (= 4.2.0.beta4)
      activerecord (= 4.2.0.beta4)
      activesupport (= 4.2.0.beta4)
      bundler (>= 1.3.0, < 2.0)
      railties (= 4.2.0.beta4)
      sprockets-rails (~> 3.0.0.beta1)
    rails-assets-bootstrap (3.3.1)
      rails-assets-jquery (>= 1.9.0)
    rails-assets-jquery (2.1.1)
    rails-deprecated_sanitizer (1.0.3)
      activesupport (>= 4.2.0.alpha)
    rails-dom-testing (1.0.4)
      activesupport (>= 4.2.0.beta, < 5.0)
      nokogiri (~> 1.6.0)
      rails-deprecated_sanitizer (>= 1.0.1)
    rails-html-sanitizer (1.0.1)
      loofah (~> 2.0)
    railties (4.2.0.beta4)
      actionpack (= 4.2.0.beta4)
      activesupport (= 4.2.0.beta4)
      rake (>= 0.8.7)
      thor (>= 0.18.1, < 2.0)
    rake (10.3.2)
    rb-fsevent (0.9.4)
    rb-inotify (0.9.5)
      ffi (>= 0.5.0)
    rspec (3.0.0)
      rspec-core (~> 3.0.0)
      rspec-expectations (~> 3.0.0)
      rspec-mocks (~> 3.0.0)
    rspec-core (3.0.4)
      rspec-support (~> 3.0.0)
    rspec-expectations (3.0.4)
      diff-lcs (>= 1.2.0, < 2.0)
      rspec-support (~> 3.0.0)
    rspec-mocks (3.0.4)
      rspec-support (~> 3.0.0)
    rspec-rails (3.0.2)
      actionpack (>= 3.0)
      activesupport (>= 3.0)
      railties (>= 3.0)
      rspec-core (~> 3.0.0)
      rspec-expectations (~> 3.0.0)
      rspec-mocks (~> 3.0.0)
      rspec-support (~> 3.0.0)
    rspec-support (3.0.4)
    sass (3.4.7)
    sass-rails (5.0.0.beta1)
      railties (>= 4.0.0, < 5.0)
      sass (~> 3.2)
      sprockets (~> 2.12)
      sprockets-rails (>= 2.0, < 4.0)
    simple_form (3.1.0.rc2)
      actionpack (~> 4.0)
      activemodel (~> 4.0)
    slim (2.1.0)
      temple (~> 0.6.9)
      tilt (>= 1.3.3, < 2.1)
    slim-rails (2.1.5)
      actionpack (>= 3.0, < 4.2)
      activesupport (>= 3.0, < 4.2)
      railties (>= 3.0, < 4.2)
      slim (~> 2.0)
    slop (3.6.0)
    spring (1.1.3)
    sprockets (2.12.3)
      hike (~> 1.2)
      multi_json (~> 1.0)
      rack (~> 1.0)
      tilt (~> 1.1, != 1.3.0)
    sprockets-rails (3.0.0.beta1)
      actionpack (>= 4.0)
      activesupport (>= 4.0)
      sprockets (~> 2.8)
    temple (0.6.10)
    thor (0.19.1)
    thread_safe (0.3.4)
    tilt (1.4.1)
    timers (4.0.1)
      hitimes
    tzinfo (1.2.2)
      thread_safe (~> 0.1)
    uglifier (2.5.3)
      execjs (>= 0.3.0)
      json (>= 1.8.0)
    web-console (2.0.0.beta4)
      activemodel (~> 4.0)
      binding_of_caller (= 0.7.3.pre1)
      railties (~> 4.0)
      sprockets-rails (>= 2.0, < 4.0)

PLATFORMS
  ruby

DEPENDENCIES
  byebug
  coffee-rails (~> 4.1.0)
  dm-active_model!
  dm-aggregates!
  dm-constraints!
  dm-core!
  dm-do-adapter!
  dm-migrations!
  dm-paperclip
  dm-postgres-adapter!
  dm-rails!
  dm-timestamps!
  dm-transactions!
  dm-validations!
  elasticsearch-model
  elasticsearch-rails
  guard-rspec
  jbuilder (~> 2.0)
  jquery-rails (~> 4.0.0.beta2)
  kaminari
  kaminari-bootstrap (~> 3.0.1)
  pg
  rails (= 4.2.0.beta4)
  rails-assets-bootstrap
  rspec-rails (~> 3.0.0)
  sass-rails (~> 5.0.0.beta1)
  simple_form (~> 3.1.0.rc1)
  slim-rails
  spring
  uglifier (>= 1.3.0)
  web-console (~> 2.0.0.beta4)
